FRAMEWORK: NET452
NUGET
  remote: https://www.nuget.org/api/v2
    JetBrains.Annotations (10.2.1)
    NFluent (1.3.1)
    NUnit (3.6)
